GEM
  remote: https://rubygems.org/
  specs:
    aruba (0.10.0)
      childprocess (~> 0.5.6)
      contracts (~> 0.9)
      cucumber (>= 1.3.19)
      ffi (~> 1.9.10)
      rspec-expectations (>= 2.99)
      thor (~> 0.19)
    ast (2.1.0)
    astrolabe (1.3.1)
      parser (~> 2.2)
    bindata (2.1.0)
    builder (3.2.2)
    childprocess (0.5.7)
      ffi (~> 1.0, >= 1.0.11)
    coderay (1.1.0)
    contracts (0.12.0)
    cucumber (2.1.0)
      builder (>= 2.1.2)
      cucumber-core (~> 1.3.0)
      diff-lcs (>= 1.1.3)
      gherkin3 (~> 3.1.0)
      multi_json (>= 1.7.5, < 2.0)
      multi_test (>= 0.1.2)
    cucumber-core (1.3.0)
      gherkin3 (~> 3.1.0)
    diff-lcs (1.2.5)
    ffi (1.9.10)
    gherkin3 (3.1.2)
    gli (2.13.2)
    method_source (0.8.2)
    multi_json (1.11.2)
    multi_test (0.1.2)
    parser (2.2.3.0)
      ast (>= 1.1, < 3.0)
    phut (0.7.0)
      gli (~> 2.13.2)
      pio (~> 0.27.2)
      pry (~> 0.10.3)
    pio (0.27.2)
      bindata (~> 2.1.0)
    powerpack (0.1.1)
    pry (0.10.3)
      coderay (~> 1.1.0)
      method_source (~> 0.8.1)
      slop (~> 3.4)
    rainbow (2.0.0)
    rspec-expectations (3.3.1)
      diff-lcs (>= 1.2.0, < 2.0)
      rspec-support (~> 3.3.0)
    rspec-support (3.3.0)
    rubocop (0.34.2)
      astrolabe (~> 1.3)
      parser (>= 2.2.2.5, < 3.0)
      powerpack (~> 0.1)
      rainbow (>= 1.99.1, < 3.0)
      ruby-progressbar (~> 1.4)
    ruby-progressbar (1.7.5)
    slop (3.6.0)
    thor (0.19.1)
    trema (0.8.0)
      bundler (~> 1.10.6)
      gli (~> 2.13.2)
      phut (~> 0.7.0)
      pio (~> 0.27.2)

PLATFORMS
  ruby

DEPENDENCIES
  aruba
  cucumber
  rubocop
  trema

BUNDLED WITH
   1.10.6
